PATH
  remote: .
  specs:
    activerecord-null (0.1.2)
      activerecord (>= 7.0)

GEM
  remote: https://rubygems.org/
  specs:
    activemodel (7.2.1.2)
      activesupport (= 7.2.1.2)
    activerecord (7.2.1.2)
      activemodel (= 7.2.1.2)
      activesupport (= 7.2.1.2)
      timeout (>= 0.4.0)
    activesupport (7.2.1.2)
      base64
      bigdecimal
      concurrent-ruby (~> 1.0, >= 1.3.1)
      connection_pool (>= 2.2.5)
      drb
      i18n (>= 1.6, < 2)
      logger (>= 1.4.2)
      minitest (>= 5.1)
      securerandom (>= 0.3)
      tzinfo (~> 2.0, >= 2.0.5)
    ast (2.4.2)
    base64 (0.2.0)
    bigdecimal (3.1.8)
    concurrent-ruby (1.3.4)
    connection_pool (2.4.1)
    debug (1.9.2)
      irb (~> 1.10)
      reline (>= 0.3.8)
    docile (1.4.1)
    drb (2.2.1)
    i18n (1.14.6)
      concurrent-ruby (~> 1.0)
    io-console (0.7.2)
    irb (1.14.1)
      rdoc (>= 4.0.0)
      reline (>= 0.4.2)
    json (2.7.4)
    language_server-protocol (3.17.0.3)
    lint_roller (1.1.0)
    logger (1.6.1)
    mini_portile2 (2.8.7)
    minitest (5.25.1)
    parallel (1.26.3)
    parser (3.3.5.0)
      ast (~> 2.4.1)
      racc
    psych (5.1.2)
      stringio
    racc (1.8.1)
    rainbow (3.1.1)
    rake (13.2.1)
    rdoc (6.7.0)
      psych (>= 4.0.0)
    regexp_parser (2.9.2)
    reissue (0.3.0)
      rake
    reline (0.5.10)
      io-console (~> 0.5)
    rubocop (1.66.1)
      json (~> 2.3)
      language_server-protocol (>= 3.17.0)
      parallel (~> 1.10)
      parser (>= 3.3.0.2)
      rainbow (>= 2.2.2, < 4.0)
      regexp_parser (>= 2.4, < 3.0)
      rubocop-ast (>= 1.32.2, < 2.0)
      ruby-progressbar (~> 1.7)
      unicode-display_width (>= 2.4.0, < 3.0)
    rubocop-ast (1.32.3)
      parser (>= 3.3.1.0)
    rubocop-performance (1.22.1)
      rubocop (>= 1.48.1, < 2.0)
      rubocop-ast (>= 1.31.1, < 2.0)
    ruby-progressbar (1.13.0)
    securerandom (0.3.1)
    simplecov (0.22.0)
      docile (~> 1.1)
      simplecov-html (~> 0.11)
      simplecov_json_formatter (~> 0.1)
    simplecov-html (0.13.1)
    simplecov_json_formatter (0.1.4)
    sqlite3 (2.1.1)
      mini_portile2 (~> 2.8.0)
    standard (1.41.1)
      language_server-protocol (~> 3.17.0.2)
      lint_roller (~> 1.0)
      rubocop (~> 1.66.0)
      standard-custom (~> 1.0.0)
      standard-performance (~> 1.5)
    standard-custom (1.0.2)
      lint_roller (~> 1.0)
      rubocop (~> 1.50)
    standard-performance (1.5.0)
      lint_roller (~> 1.1)
      rubocop-performance (~> 1.22.0)
    stringio (3.1.1)
    timeout (0.4.1)
    tzinfo (2.0.6)
      concurrent-ruby (~> 1.0)
    unicode-display_width (2.6.0)

PLATFORMS
  ruby

DEPENDENCIES
  activerecord-null!
  debug
  irb
  reissue
  simplecov
  sqlite3
  standard

BUNDLED WITH
   2.5.17
